GEM
  remote: http://rubygems.org/
  specs:
    activesupport (3.2.8)
      i18n (~> 0.6)
      multi_json (~> 1.0)
    erubis (2.7.0)
    i18n (0.6.1)
    multi_json (1.3.6)
    saga (0.9.1)
      activesupport (>= 2.3)
      erubis (>= 2.6)

PLATFORMS
  ruby

DEPENDENCIES
  saga
